GIT
  remote: git://github.com/RubyMoney/money.git
  revision: e661c2be61457434ad4bd141116f6be37df5d40d
  ref: e661c2b
  specs:
    money (3.7.1)
      i18n (~> 0.4)

PATH
  remote: .
  specs:
    eu_central_bank (0.2.3)
      money (~> 3.7.1)
      nokogiri (~> 1.5.0)

GEM
  remote: http://rubygems.org/
  specs:
    diff-lcs (1.1.3)
    i18n (0.6.0)
    nokogiri (1.5.0)
    rr (1.0.4)
    rspec (2.6.0)
      rspec-core (~> 2.6.0)
      rspec-expectations (~> 2.6.0)
      rspec-mocks (~> 2.6.0)
    rspec-core (2.6.4)
    rspec-expectations (2.6.0)
      diff-lcs (~> 1.1.2)
    rspec-mocks (2.6.0)
    shoulda (2.11.3)

PLATFORMS
  ruby

DEPENDENCIES
  eu_central_bank!
  money!
  rr
  rspec (>= 2.0.0)
  shoulda
